GEM
  remote: https://rubygems.org/
  specs:
    Ascii85 (1.0.3)
    actioncable (5.2.0.rc1)
      actionpack (= 5.2.0.rc1)
      nio4r (~> 2.0)
      websocket-driver (>= 0.6.1)
    actionmailer (5.2.0.rc1)
      actionpack (= 5.2.0.rc1)
      actionview (= 5.2.0.rc1)
      activejob (= 5.2.0.rc1)
      mail (~> 2.5, >= 2.5.4)
      rails-dom-testing (~> 2.0)
    actionpack (5.2.0.rc1)
      actionview (= 5.2.0.rc1)
      activesupport (= 5.2.0.rc1)
      rack (~> 2.0)
      rack-test (>= 0.6.3)
      rails-dom-testing (~> 2.0)
      rails-html-sanitizer (~> 1.0, >= 1.0.2)
    actionview (5.2.0.rc1)
      activesupport (= 5.2.0.rc1)
      builder (~> 3.1)
      erubi (~> 1.4)
      rails-dom-testing (~> 2.0)
      rails-html-sanitizer (~> 1.0, >= 1.0.3)
    activejob (5.2.0.rc1)
      activesupport (= 5.2.0.rc1)
      globalid (>= 0.3.6)
    activemodel (5.2.0.rc1)
      activesupport (= 5.2.0.rc1)
    activerecord (5.2.0.rc1)
      activemodel (= 5.2.0.rc1)
      activesupport (= 5.2.0.rc1)
      arel (>= 9.0)
    activestorage (5.2.0.rc1)
      actionpack (= 5.2.0.rc1)
      activerecord (= 5.2.0.rc1)
      marcel (~> 0.3.1)
    activesupport (5.2.0.rc1)
      concurrent-ruby (~> 1.0, >= 1.0.2)
      i18n (~> 0.7)
      minitest (~> 5.1)
      tzinfo (~> 1.1)
    addressable (2.5.2)
      public_suffix (>= 2.0.2, < 4.0)
    afm (0.2.2)
    ahoy_matey (2.0.1)
      addressable
      browser (~> 2.0)
      geocoder
      railties (>= 4.2)
      referer-parser (>= 0.3)
      request_store
      safely_block (>= 0.2.1)
      user_agent_parser
    arel (9.0.0)
    ast (2.4.0)
    aws-partitions (1.70.0)
    aws-sdk-core (3.17.0)
      aws-partitions (~> 1.0)
      aws-sigv4 (~> 1.0)
      jmespath (~> 1.0)
    aws-sdk-kms (1.5.0)
      aws-sdk-core (~> 3)
      aws-sigv4 (~> 1.0)
    aws-sdk-s3 (1.8.2)
      aws-sdk-core (~> 3)
      aws-sdk-kms (~> 1)
      aws-sigv4 (~> 1.0)
    aws-sigv4 (1.0.2)
    bcrypt (3.1.11)
    bindex (0.5.0)
    blazer (1.8.2)
      activerecord (>= 4)
      chartkick
      railties (>= 4)
      safely_block (>= 0.1.1)
    bootsnap (1.2.0)
      msgpack (~> 1.0)
    browser (2.5.3)
    builder (3.2.3)
    byebug (10.0.0)
    chartkick (2.3.2)
    clearance (1.16.1)
      bcrypt
      email_validator (~> 1.4)
      rails (>= 3.1)
    concurrent-ruby (1.0.5)
    connection_pool (2.2.1)
    crass (1.0.3)
    css_parser (1.6.0)
      addressable
    dalli (2.7.6)
    diff-lcs (1.3)
    docile (1.1.5)
    dotenv (2.2.1)
    dotenv-rails (2.2.1)
      dotenv (= 2.2.1)
      railties (>= 3.2, < 5.2)
    down (4.2.1)
    elasticsearch (6.0.1)
      elasticsearch-api (= 6.0.1)
      elasticsearch-transport (= 6.0.1)
    elasticsearch-api (6.0.1)
      multi_json
    elasticsearch-transport (6.0.1)
      faraday
      multi_json
    email_spec (2.1.1)
      htmlentities (~> 4.3.3)
      launchy (~> 2.1)
      mail (~> 2.6)
    email_validator (1.6.0)
      activemodel
    errbase (0.1.0)
    erubi (1.7.1)
    et-orbi (1.0.9)
      tzinfo
    factory_bot (4.8.2)
      activesupport (>= 3.0.0)
    factory_bot_rails (4.8.2)
      factory_bot (~> 4.8.2)
      railties (>= 3.0.0)
    faraday (0.14.0)
      multipart-post (>= 1.2, < 3)
    foreman (0.84.0)
      thor (~> 0.19.1)
    friendly_id (5.2.3)
      activerecord (>= 4.0.0)
    geocoder (1.4.6)
    globalid (0.4.1)
      activesupport (>= 4.2.0)
    hashery (2.1.2)
    hashie (3.5.7)
    htmlentities (4.3.4)
    i18n (0.9.5)
      concurrent-ruby (~> 1.0)
    image_processing (0.4.5)
    jbuilder (2.7.0)
      activesupport (>= 4.2.0)
      multi_json (>= 1.2)
    jmespath (1.3.1)
    json (2.1.0)
    kaminari (1.1.1)
      activesupport (>= 4.1.0)
      kaminari-actionview (= 1.1.1)
      kaminari-activerecord (= 1.1.1)
      kaminari-core (= 1.1.1)
    kaminari-actionview (1.1.1)
      actionview
      kaminari-core (= 1.1.1)
    kaminari-activerecord (1.1.1)
      activerecord
      kaminari-core (= 1.1.1)
    kaminari-core (1.1.1)
    launchy (2.4.3)
      addressable (~> 2.3)
    letter_opener (1.6.0)
      launchy (~> 2.2)
    loofah (2.2.0)
      crass (~> 1.0.2)
      nokogiri (>= 1.5.9)
    mail (2.7.0)
      mini_mime (>= 0.1.1)
    marcel (0.3.1)
      mimemagic (~> 0.3.2)
    method_source (0.9.0)
    mimemagic (0.3.2)
    mini_magick (4.8.0)
    mini_mime (1.0.0)
    mini_portile2 (2.3.0)
    minitest (5.11.3)
    msgpack (1.2.4)
    multi_json (1.13.1)
    multipart-post (2.0.0)
    nio4r (2.2.0)
    nokogiri (1.8.2)
      mini_portile2 (~> 2.3.0)
    paper_trail (8.1.2)
      activerecord (>= 4.2, < 5.2)
      request_store (~> 1.1)
    parallel (1.12.1)
    parser (2.5.0.3)
      ast (~> 2.4.0)
    pdf-reader (2.1.0)
      Ascii85 (~> 1.0.0)
      afm (~> 0.2.1)
      hashery (~> 2.0)
      ruby-rc4
      ttfunk
    pg (1.0.0)
    powerpack (0.1.1)
    premailer (1.11.1)
      addressable
      css_parser (>= 1.6.0)
      htmlentities (>= 4.0.0)
    premailer-rails (1.10.1)
      actionmailer (>= 3, < 6)
      premailer (~> 1.7, >= 1.7.9)
    public_suffix (3.0.2)
    puma (3.11.3)
    pundit (1.1.0)
      activesupport (>= 3.0.0)
    rack (2.0.4)
    rack-protection (2.0.1)
      rack
    rack-test (0.8.3)
      rack (>= 1.0, < 3)
    rails (5.2.0.rc1)
      actioncable (= 5.2.0.rc1)
      actionmailer (= 5.2.0.rc1)
      actionpack (= 5.2.0.rc1)
      actionview (= 5.2.0.rc1)
      activejob (= 5.2.0.rc1)
      activemodel (= 5.2.0.rc1)
      activerecord (= 5.2.0.rc1)
      activestorage (= 5.2.0.rc1)
      activesupport (= 5.2.0.rc1)
      bundler (>= 1.3.0)
      railties (= 5.2.0.rc1)
      sprockets-rails (>= 2.0.0)
    rails-dom-testing (2.0.3)
      activesupport (>= 4.2.0)
      nokogiri (>= 1.6)
    rails-html-sanitizer (1.0.3)
      loofah (~> 2.0)
    railties (5.2.0.rc1)
      actionpack (= 5.2.0.rc1)
      activesupport (= 5.2.0.rc1)
      method_source
      rake (>= 0.8.7)
      thor (>= 0.18.1, < 2.0)
    rainbow (3.0.0)
    rake (12.3.0)
    redis (4.0.1)
    referer-parser (0.3.0)
    request_store (1.4.0)
      rack (>= 1.4)
    responders (2.4.0)
      actionpack (>= 4.2.0, < 5.3)
      railties (>= 4.2.0, < 5.3)
    rollbar (2.15.5)
      multi_json
    rspec-core (3.7.1)
      rspec-support (~> 3.7.0)
    rspec-expectations (3.7.0)
      diff-lcs (>= 1.2.0, < 2.0)
      rspec-support (~> 3.7.0)
    rspec-mocks (3.7.0)
      diff-lcs (>= 1.2.0, < 2.0)
      rspec-support (~> 3.7.0)
    rspec-rails (3.7.2)
      actionpack (>= 3.0)
      activesupport (>= 3.0)
      railties (>= 3.0)
      rspec-core (~> 3.7.0)
      rspec-expectations (~> 3.7.0)
      rspec-mocks (~> 3.7.0)
      rspec-support (~> 3.7.0)
    rspec-support (3.7.1)
    rubocop (0.53.0)
      parallel (~> 1.10)
      parser (>= 2.5)
      powerpack (~> 0.1)
      rainbow (>= 2.2.2, < 4.0)
      ruby-progressbar (~> 1.7)
      unicode-display_width (~> 1.0, >= 1.0.1)
    ruby-progressbar (1.9.0)
    ruby-rc4 (0.1.5)
    rufus-scheduler (3.4.2)
      et-orbi (~> 1.0)
    safely_block (0.2.1)
      errbase
    searchkick (3.0.0)
      activemodel (>= 4.2)
      elasticsearch (>= 5)
      hashie
    shrine (2.9.0)
      down (~> 4.1)
    shrine-memory (0.3.0)
      shrine (~> 2.2)
    sidekiq (5.1.1)
      concurrent-ruby (~> 1.0)
      connection_pool (~> 2.2, >= 2.2.0)
      rack-protection (>= 1.5.0)
      redis (>= 3.3.5, < 5)
    sidekiq-cron (0.6.3)
      rufus-scheduler (>= 3.3.0)
      sidekiq (>= 4.2.1)
    simplecov (0.15.1)
      docile (~> 1.1.0)
      json (>= 1.8, < 3)
      simplecov-html (~> 0.10.0)
    simplecov-html (0.10.2)
    skylight (1.5.1)
      activesupport (>= 3.0.0)
    spring (2.0.2)
      activesupport (>= 4.2)
    spring-commands-rspec (1.0.4)
      spring (>= 0.9.1)
    sprockets (3.7.1)
      concurrent-ruby (~> 1.0)
      rack (> 1, < 3)
    sprockets-rails (3.2.1)
      actionpack (>= 4.0)
      activesupport (>= 4.0)
      sprockets (>= 3.0.0)
    stringex (2.8.3)
    thor (0.19.4)
    thread_safe (0.3.6)
    ttfunk (1.5.1)
    tzinfo (1.2.5)
      thread_safe (~> 0.1)
    unicode-display_width (1.3.0)
    user_agent_parser (2.4.1)
    web-console (3.5.1)
      actionview (>= 5.0)
      activemodel (>= 5.0)
      bindex (>= 0.4.0)
      railties (>= 5.0)
    websocket-driver (0.7.0)
      websocket-extensions (>= 0.1.0)
    websocket-extensions (0.1.3)
    wicked_pdf (1.1.0)

PLATFORMS
  ruby

DEPENDENCIES
  ahoy_matey (~> 2)
  aws-sdk-s3
  blazer
  bootsnap (>= 1.1.0)
  byebug
  clearance
  dalli
  dotenv-rails
  email_spec
  factory_bot_rails
  foreman
  friendly_id
  image_processing
  jbuilder (~> 2.5)
  kaminari
  launchy
  letter_opener
  mini_magick
  paper_trail
  pdf-reader
  pg (~> 1.0)
  premailer-rails
  puma (~> 3.11)
  pundit
  rack
  rails (~> 5.2.0.rc1)
  redis (~> 4.0)
  responders
  rollbar
  rspec-rails
  rubocop
  searchkick
  shrine
  shrine-memory
  sidekiq
  sidekiq-cron
  simplecov
  skylight
  spring
  spring-commands-rspec
  stringex
  tzinfo-data
  web-console
  wicked_pdf

BUNDLED WITH
   1.16.1
